GIT
  remote: git://github.com/sstephenson/sprockets.git
  revision: 1b1d6d6c1f6bf2ff7d6e15c1811aabec573be612
  specs:
    sprockets (2.1.0)
      hike (~> 1.2)
      rack (~> 1.0)
      tilt (~> 1.1, != 1.3.0)

GIT
  remote: https://github.com/defunkt/mustache.git
  revision: d5ad1f164c6c4b24efd197c8ab739e3bf65a21ae
  specs:
    mustache (0.99.4)

GIT
  remote: https://github.com/jnunemaker/bin.git
  revision: fce01978993b102baa2b362f48299bd4a440ddb6
  specs:
    bin (0.7.1)
      activesupport (>= 3.0.0, < 3.2.0)
      mongo (~> 1.3.0)

GIT
  remote: https://github.com/jnunemaker/joint.git
  revision: 4ecfeaae2c800c5a37d60a1566dfe7f923221055
  specs:
    joint (0.6.0)
      mime-types
      mongo_mapper (~> 0.9.0)
      wand (~> 0.4)

GIT
  remote: https://github.com/jnunemaker/mongomapper.git
  revision: 705aab2173ef04433d432a5d718a3495169e1f73
  specs:
    mongo_mapper (0.9.0)
      activemodel (~> 3.0)
      activesupport (~> 3.0)
      plucky (~> 0.3.8)

GIT
  remote: https://github.com/monkrb/glue.git
  revision: 8a59f5c27b98399f80e9289530675366ad298b4c
  specs:
    monk-glue (0.0.1)

GIT
  remote: https://github.com/nesquena/rabl.git
  revision: c429bdceea69f47b7ca581d196768d7cefe55696
  specs:
    rabl (0.3.0)
      multi_json (~> 1.0.3)

GIT
  remote: https://github.com/newbamboo/rack-raw-upload.git
  revision: e45abbf42795ca4edc7390a1e321f7ad13d8e8d7
  specs:
    rack-raw-upload (1.0.6)
      json

GIT
  remote: https://github.com/quirkey/jim.git
  revision: 4a26d8fc80f8e7c98adc033dfeec5c98f90deded
  specs:
    jim (0.3.2)
      downlow (~> 0.1.3)
      fssm
      thor
      version_sorter (~> 1.1.0)
      yajl-ruby

GIT
  remote: https://github.com/thoughtbot/capybara-webkit.git
  revision: 8674ef7a51b95720c7ca7ff3838daefce316068e
  specs:
    capybara-webkit (0.7.2)
      capybara (>= 1.0.0, < 1.2)

PATH
  remote: vendor/canable
  specs:
    canable (0.2.0)

PATH
  remote: vendor/hunt
  specs:
    hunt (0.3)
      fast-stemmer (~> 1.0)
      mongo_mapper (~> 0.9.0)

PATH
  remote: vendor/sinatra-namespace
  specs:
    sinatra-namespace (0.6.1)
      sinatra (~> 1.1)

GEM
  remote: http://rubygems.org/
  specs:
    RedCloth (4.2.8)
    activemodel (3.0.10)
      activesupport (= 3.0.10)
      builder (~> 2.1.2)
      i18n (~> 0.5.0)
    activesupport (3.0.10)
    archive-tar-minitar (0.5.2)
    bcrypt-ruby (2.1.4)
    bson (1.3.0)
    bson_ext (1.3.0)
    builder (2.1.2)
    capybara (1.0.1)
      mime-types (>= 1.16)
      nokogiri (>= 1.3.3)
      rack (>= 1.0.0)
      rack-test (>= 0.5.4)
      selenium-webdriver (~> 2.0)
      xpath (~> 0.1.4)
    childprocess (0.2.1)
      ffi (~> 1.0.6)
    daemons (1.1.4)
    diff-lcs (1.1.2)
    downlow (0.1.4)
      archive-tar-minitar (>= 0.5.2)
      rubyzip (>= 0.9.4)
    eventmachine (0.12.10)
    factory_girl (2.0.4)
    faker (0.9.5)
      i18n (~> 0.4)
    fast-stemmer (1.0.0)
    ffi (1.0.9)
    fssm (0.2.7)
    haml (3.1.2)
    hike (1.2.1)
    i18n (0.5.0)
    jasmine (1.0.2.1)
      json_pure (>= 1.4.3)
      rack (>= 1.1)
      rspec (>= 1.3.1)
      selenium-webdriver (>= 0.1.3)
    json (1.5.3)
    json_pure (1.5.3)
    liquid (2.2.2)
    memcached (1.3.5)
    mime-types (1.16)
    mini_magick (3.3)
      subexec (~> 0.1.0)
    mongo (1.3.0)
      bson (>= 1.3.0)
    mongo_ext (0.19.3)
    multi_json (1.0.3)
    nokogiri (1.5.0)
    plucky (0.3.8)
      mongo (~> 1.3)
    rack (1.3.4)
    rack-cache (1.0.2)
      rack (>= 0.4)
    rack-flash (0.1.2)
      rack
    rack-protection (1.1.4)
      rack
    rack-test (0.6.1)
      rack (>= 1.0)
    rake (0.9.2)
    rspec (2.6.0)
      rspec-core (~> 2.6.0)
      rspec-expectations (~> 2.6.0)
      rspec-mocks (~> 2.6.0)
    rspec-core (2.6.4)
    rspec-expectations (2.6.0)
      diff-lcs (~> 1.1.2)
    rspec-mocks (2.6.0)
    rubyzip (0.9.4)
    safe_shell (1.0.1)
    sass (3.1.7)
    selenium-webdriver (2.4.0)
      childprocess (>= 0.2.1)
      ffi (>= 1.0.7)
      json_pure
      rubyzip
    sinatra (1.3.1)
      rack (~> 1.3, >= 1.3.4)
      rack-protection (~> 1.1, >= 1.1.2)
      tilt (~> 1.3, >= 1.3.3)
    subexec (0.1.0)
    test-unit (2.3.2)
    thin (1.2.11)
      daemons (>= 1.0.9)
      eventmachine (>= 0.12.6)
      rack (>= 1.0.0)
    thor (0.14.6)
    tilt (1.3.3)
    version_sorter (1.1.0)
    wand (0.4)
      mime-types
      safe_shell (~> 1.0.0)
    warden (1.0.5)
      rack (>= 1.0)
    xpath (0.1.4)
      nokogiri (~> 1.3)
    yajl-ruby (0.8.3)

PLATFORMS
  ruby

DEPENDENCIES
  RedCloth
  bcrypt-ruby
  bin!
  bson (= 1.3)
  bson_ext (= 1.3)
  canable!
  capybara
  capybara-webkit!
  factory_girl
  faker
  fast-stemmer (~> 1.0)
  haml
  hunt!
  jasmine
  jim!
  joint!
  json
  liquid
  memcached
  mini_magick
  mongo (= 1.3)
  mongo_ext
  mongo_mapper!
  monk-glue!
  mustache!
  rabl!
  rack (~> 1.3.4)
  rack-cache
  rack-flash
  rack-raw-upload!
  rack-test
  rake
  rspec (>= 2.5.0)
  sass
  sinatra (= 1.3.1)
  sinatra-namespace!
  sprockets!
  test-unit
  thin
  thor
  tilt (~> 1.3)
  warden
  yajl-ruby
