GIT
  remote: https://github.com/jnunemaker/joint.git
  revision: cbfe32e5918326fe142169157173629e5afb090d
  specs:
    joint (0.6.0)
      mime-types
      mongo_mapper (~> 0.9.0)
      wand (~> 0.4)

GIT
  remote: https://github.com/jnunemaker/mongomapper.git
  revision: 92346c9b52cb9b2f1af51ba7e8e2f183cfbe6d40
  specs:
    mongo_mapper (0.9.0)
      activemodel (~> 3.0)
      activesupport (~> 3.0)
      plucky (~> 0.3.8)

GIT
  remote: https://github.com/monkrb/glue.git
  revision: 8a59f5c27b98399f80e9289530675366ad298b4c
  specs:
    monk-glue (0.0.1)

GIT
  remote: https://github.com/rkh/sinatra-namespace.git
  revision: c043f986733c3f4a447bdcec065328877a4e7d2a
  specs:
    sinatra-namespace (0.6.1)
      sinatra (~> 1.1)

PATH
  remote: vendor/capybara-zombie
  specs:
    capybara-zombie (0.0.1)
      capybara (~> 0.4.1)
      childprocess (~> 0.1.7)
      multi_json (~> 0.0.5)

PATH
  remote: vendor/hunt
  specs:
    hunt (0.3)
      fast-stemmer (~> 1.0)
      mongo_mapper (~> 0.9.0)

GEM
  remote: http://rubygems.org/
  specs:
    activemodel (3.0.7)
      activesupport (= 3.0.7)
      builder (~> 2.1.2)
      i18n (~> 0.5.0)
    activesupport (3.0.7)
    bson (1.3.0)
    bson_ext (1.3.0)
    builder (2.1.2)
    capybara (0.4.1.2)
      celerity (>= 0.7.9)
      culerity (>= 0.2.4)
      mime-types (>= 1.16)
      nokogiri (>= 1.3.3)
      rack (>= 1.0.0)
      rack-test (>= 0.5.4)
      selenium-webdriver (>= 0.0.27)
      xpath (~> 0.1.3)
    celerity (0.8.9)
    childprocess (0.1.9)
      ffi (~> 1.0.6)
    culerity (0.2.15)
    daemons (1.1.3)
    diff-lcs (1.1.2)
    eventmachine (0.12.10)
    faker (0.9.5)
      i18n (~> 0.4)
    fast-stemmer (1.0.0)
    ffi (1.0.7)
      rake (>= 0.8.7)
    haml (3.1.1)
    i18n (0.5.0)
    json (1.5.1)
    json_pure (1.5.1)
    machinist (1.0.6)
    machinist_mongo (1.2.0)
      machinist (~> 1.0.6)
    mime-types (1.16)
    mini_magick (3.2.1)
      subexec (~> 0.0.4)
    mongo (1.3.0)
      bson (>= 1.3.0)
    mongo_ext (0.19.3)
    multi_json (0.0.5)
    mustache (0.99.3)
    nokogiri (1.4.4)
    plucky (0.3.8)
      mongo (~> 1.3)
    rack (1.2.2)
    rack-cache (1.0.1)
      rack (>= 0.4)
    rack-flash (0.1.1)
      rack
    rack-test (0.6.0)
      rack (>= 1.0)
    rake (0.8.7)
    rspec (2.6.0)
      rspec-core (~> 2.6.0)
      rspec-expectations (~> 2.6.0)
      rspec-mocks (~> 2.6.0)
    rspec-core (2.6.0)
    rspec-expectations (2.6.0)
      diff-lcs (~> 1.1.2)
    rspec-mocks (2.6.0)
    rubyzip (0.9.4)
    safe_shell (1.0.1)
    sass (3.1.1)
    selenium-webdriver (0.2.0)
      childprocess (>= 0.1.7)
      ffi (>= 1.0.7)
      json_pure
      rubyzip
    sinatra (1.2.6)
      rack (~> 1.1)
      tilt (< 2.0, >= 1.2.2)
    steak (1.1.0)
      rspec (>= 1.3)
    subexec (0.0.4)
    system_timer (1.0)
    test-unit (2.3.0)
    thin (1.2.11)
      daemons (>= 1.0.9)
      eventmachine (>= 0.12.6)
      rack (>= 1.0.0)
    thor (0.14.6)
    tilt (1.3)
    wand (0.4)
      mime-types
      safe_shell (~> 1.0.0)
    xpath (0.1.4)
      nokogiri (~> 1.3)

PLATFORMS
  ruby

DEPENDENCIES
  bson (= 1.3)
  bson_ext (= 1.3)
  capybara
  capybara-zombie!
  faker
  haml
  hunt!
  joint!
  json
  machinist_mongo
  mini_magick
  mongo (= 1.3)
  mongo_ext
  mongo_mapper!
  monk-glue!
  mustache
  rack
  rack-cache
  rack-flash
  rack-test
  rspec (>= 2.5.0)
  sass
  sinatra (= 1.2.6)
  sinatra-namespace!
  steak (>= 1.0.0)
  system_timer
  test-unit
  thin
  thor
