GIT
  remote: https://github.com/quirkey/jim.git
  revision: 4a26d8fc80f8e7c98adc033dfeec5c98f90deded
  specs:
    jim (0.3.2)
      downlow (~> 0.1.3)
      fssm
      thor
      version_sorter (~> 1.1.0)
      yajl-ruby

GIT
  remote: https://github.com/thoughtbot/capybara-webkit.git
  revision: 8674ef7a51b95720c7ca7ff3838daefce316068e
  specs:
    capybara-webkit (0.7.2)
      capybara (>= 1.0.0, < 1.2)

PATH
  remote: vendor/glue
  specs:
    monk-glue (0.0.1)

PATH
  remote: vendor/rack-raw-upload
  specs:
    rack-raw-upload (1.0.11)
      json

GEM
  remote: http://rubygems.org/
  specs:
    RedCloth (4.2.8)
    activemodel (3.0.10)
      activesupport (= 3.0.10)
      builder (~> 2.1.2)
      i18n (~> 0.5.0)
    activesupport (3.0.10)
    archive-tar-minitar (0.5.2)
    backports (2.3.0)
    bcrypt-ruby (2.1.4)
    bson (1.3.0)
    bson_ext (1.3.0)
    builder (2.1.2)
    canable (0.2.0)
    capybara (1.0.1)
      mime-types (>= 1.16)
      nokogiri (>= 1.3.3)
      rack (>= 1.0.0)
      rack-test (>= 0.5.4)
      selenium-webdriver (~> 2.0)
      xpath (~> 0.1.4)
    childprocess (0.2.1)
      ffi (~> 1.0.6)
    daemons (1.1.4)
    dalli (1.1.4)
    dependencies (0.0.9)
      thor (~> 0.11)
    diff-lcs (1.1.2)
    downlow (0.1.4)
      archive-tar-minitar (>= 0.5.2)
      rubyzip (>= 0.9.4)
    eventmachine (0.12.10)
    factory_girl (2.0.4)
    faker (0.9.5)
      i18n (~> 0.4)
    fast-stemmer (1.0.0)
    ffi (1.0.9)
    fssm (0.2.7)
    haml (3.1.2)
    hunt (0.4)
      fast-stemmer (~> 1.0)
      mongo_mapper (~> 0.9.0)
    i18n (0.5.0)
    jasmine (1.0.2.1)
      json_pure (>= 1.4.3)
      rack (>= 1.1)
      rspec (>= 1.3.1)
      selenium-webdriver (>= 0.1.3)
    joint (0.6.1)
      mime-types
      mongo_mapper (~> 0.9)
      wand (~> 0.4)
    json (1.5.3)
    json_pure (1.5.3)
    mime-types (1.16)
    mini_magick (3.3)
      subexec (~> 0.1.0)
    mongo (1.3.0)
      bson (>= 1.3.0)
    mongo_ext (0.19.3)
    mongo_mapper (0.9.2)
      activemodel (~> 3.0)
      activesupport (~> 3.0)
      plucky (~> 0.3.8)
    mongo_mapper_acts_as_tree (0.3.3)
      mongo_mapper
    monk (0.0.7)
      dependencies (>= 0.0.7)
      thor (~> 0.11)
    multi_json (1.0.4)
    mustache (0.99.4)
    nokogiri (1.5.0)
    plucky (0.3.8)
      mongo (~> 1.3)
    rabl (0.3.0)
      multi_json (~> 1.0.3)
    rack (1.4.0)
    rack-cache (1.0.2)
      rack (>= 0.4)
    rack-flash (0.1.2)
      rack
    rack-protection (1.1.4)
      rack
    rack-test (0.6.1)
      rack (>= 1.0)
    rake (0.9.2)
    rspec (2.6.0)
      rspec-core (~> 2.6.0)
      rspec-expectations (~> 2.6.0)
      rspec-mocks (~> 2.6.0)
    rspec-core (2.6.4)
    rspec-expectations (2.6.0)
      diff-lcs (~> 1.1.2)
    rspec-mocks (2.6.0)
    rubyzip (0.9.4)
    safe_shell (1.0.2)
    sass (3.1.7)
    selenium-webdriver (2.4.0)
      childprocess (>= 0.2.1)
      ffi (>= 1.0.7)
      json_pure
      rubyzip
    sinatra (1.3.1)
      rack (~> 1.3, >= 1.3.4)
      rack-protection (~> 1.1, >= 1.1.2)
      tilt (~> 1.3, >= 1.3.3)
    sinatra-contrib (1.3.1)
      backports (>= 2.0)
      eventmachine
      rack-protection
      rack-test
      sinatra (~> 1.3.0)
      tilt (~> 1.3)
    subexec (0.1.0)
    test-unit (2.3.2)
    thin (1.2.11)
      daemons (>= 1.0.9)
      eventmachine (>= 0.12.6)
      rack (>= 1.0.0)
    thor (0.14.6)
    tilt (1.3.3)
    version_sorter (1.1.0)
    wand (0.4)
      mime-types
      safe_shell (~> 1.0.0)
    warden (1.0.5)
      rack (>= 1.0)
    xpath (0.1.4)
      nokogiri (~> 1.3)
    yajl-ruby (0.8.3)

PLATFORMS
  ruby

DEPENDENCIES
  RedCloth
  bcrypt-ruby
  bson (= 1.3)
  bson_ext (= 1.3)
  canable (~> 0.2.0)
  capybara
  capybara-webkit!
  dalli
  factory_girl
  faker
  fast-stemmer (~> 1.0)
  haml
  hunt (~> 0.4)
  jasmine
  jim!
  joint (~> 0.6.0)
  json
  mini_magick
  mongo (= 1.3)
  mongo_ext
  mongo_mapper (~> 0.9.2)
  mongo_mapper_acts_as_tree (~> 0.3.3)
  monk
  monk-glue!
  mustache (~> 0.99.4)
  rabl (~> 0.3.0)
  rack (~> 1.4.0)
  rack-cache
  rack-flash
  rack-raw-upload!
  rack-test
  rake
  rspec (>= 2.5.0)
  sass
  sinatra (= 1.3.1)
  sinatra-contrib (= 1.3.1)
  test-unit
  thin
  thor
  tilt (~> 1.3)
  warden
  yajl-ruby
